GEM
  remote: https://rubygems.org/
  specs:
    colorize (0.8.1)
    date (3.2.2)
    digest (3.1.0)
    json (2.6.1)
    time (0.2.0)
      date

PLATFORMS
  ruby

DEPENDENCIES
  colorize
  digest
  json
  time

BUNDLED WITH
   2.1.4
